PATH
  remote: .
  specs:
    tune_spec (0.5.3)

GEM
  remote: https://rubygems.org/
  specs:
    ast (2.4.0)
    jaro_winkler (1.5.2)
    minitest (5.11.1)
    parallel (1.13.0)
    parser (2.6.0.0)
      ast (~> 2.4.0)
    powerpack (0.1.2)
    rainbow (3.0.0)
    rubocop (0.63.1)
      jaro_winkler (~> 1.5.1)
      parallel (~> 1.10)
      parser (>= 2.5, != 2.5.1.1)
      powerpack (~> 0.1)
      rainbow (>= 2.2.2, < 4.0)
      ruby-progressbar (~> 1.7)
      unicode-display_width (~> 1.4.0)
    ruby-progressbar (1.10.0)
    unicode-display_width (1.4.1)
    yard (0.9.18)
    yard-doctest (0.1.10)
      minitest
      yard

PLATFORMS
  ruby

DEPENDENCIES
  bundler (~> 1.16, >= 1.16.2)
  rubocop (~> 0.63.1)
  tune_spec!
  yard (~> 0.9.12)
  yard-doctest (~> 0.1.10)

BUNDLED WITH
   1.16.2
