PATH
  remote: .
  specs:
    tune_spec (0.5.4)

GEM
  remote: https://rubygems.org/
  specs:
    ast (2.4.0)
    jaro_winkler (1.5.2)
    minitest (5.11.3)
    parallel (1.14.0)
    parser (2.6.0.0)
      ast (~> 2.4.0)
    psych (3.1.0)
    rainbow (3.0.0)
    rake (12.3.2)
    rubocop (0.66.0)
      jaro_winkler (~> 1.5.1)
      parallel (~> 1.10)
      parser (>= 2.5, != 2.5.1.1)
      psych (>= 3.1.0)
      rainbow (>= 2.2.2, < 4.0)
      ruby-progressbar (~> 1.7)
      unicode-display_width (>= 1.4.0, < 1.6)
    ruby-progressbar (1.10.0)
    unicode-display_width (1.5.0)
    yard (0.9.18)
    yard-doctest (0.1.14)
      minitest
      yard

PLATFORMS
  ruby

DEPENDENCIES
  rake (~> 12.3.2)
  rubocop (~> 0.66.0)
  tune_spec!
  yard (~> 0.9.18)
  yard-doctest (~> 0.1.13)

BUNDLED WITH
   2.0.1
